GEM
  remote: http://rubygems.org/
  specs:
    configuration (1.3.2)

PLATFORMS
  ruby

DEPENDENCIES
  configuration
